GEM
  remote: https://rubygems.org/
  specs:
    atk (4.1.8)
      glib2 (= 4.1.8)
    cairo (1.17.12)
      native-package-installer (>= 1.0.3)
      pkg-config (>= 1.2.2)
      red-colors
    cairo-gobject (4.1.8)
      cairo (>= 1.16.2)
      glib2 (= 4.1.8)
    fiddle (1.1.1)
    gdk3 (4.1.8)
      cairo-gobject (= 4.1.8)
      gdk_pixbuf2 (= 4.1.8)
      pango (= 4.1.8)
    gdk_pixbuf2 (4.1.8)
      gio2 (= 4.1.8)
    gio2 (4.1.8)
      fiddle
      gobject-introspection (= 4.1.8)
    glib2 (4.1.8)
      native-package-installer (>= 1.0.3)
      pkg-config (>= 1.3.5)
    gobject-introspection (4.1.8)
      glib2 (= 4.1.8)
    gtk3 (4.1.8)
      atk (= 4.1.8)
      gdk3 (= 4.1.8)
    matrix (0.4.2)
    native-package-installer (1.1.8)
    pango (4.1.8)
      cairo-gobject (= 4.1.8)
      gobject-introspection (= 4.1.8)
    pkg-config (1.5.2)
    red-colors (0.3.0)
      matrix

PLATFORMS
  x86_64-linux

DEPENDENCIES
  gtk3

BUNDLED WITH
   2.4.1
